NUGET
  remote: https://www.nuget.org/api/v2
  specs:
    FAKE (4.14.2)
    FSharp.FakeTargets (0.1.1)
    NUnit.Runners (2.6.4)
