NUGET
  remote: https://www.nuget.org/api/v2
  specs:
    FAKE (4.14.2)
    NUnit (3.0.1)
    NUnitTestAdapter (2.0.0)
